GEM
  remote: https://rubygems.org/
  specs:
    bcrypt (3.1.13)
    daemons (1.3.1)
    eventmachine (1.2.7)
    eventmachine (1.2.7-x64-mingw32)
    jwt (2.2.1)
    rack (2.0.8)
    rack-protection (2.0.5)
      rack
    roda (3.22.0)
      rack
    sequel (5.23.0)
    sqlite3 (1.4.1)
    thin (1.7.2)
      daemons (~> 1.0, >= 1.0.9)
      eventmachine (~> 1.0, >= 1.0.4)
      rack (>= 1, < 3)

PLATFORMS
  ruby
  x64-mingw32

DEPENDENCIES
  bcrypt (~> 3.1, >= 3.1.12)
  jwt (~> 2.1)
  rack-protection (~> 2.0, >= 2.0.5)
  roda (~> 3.19)
  sequel (~> 5.20)
  sqlite3 (~> 1.4, >= 1.4.1)
  thin (~> 1.7, >= 1.7.2)

BUNDLED WITH
   2.0.2
