GEM
  remote: https://rubygems.org/
  specs:
    bcrypt (3.1.16)
    daemons (1.4.0)
    eventmachine (1.2.7)
    eventmachine (1.2.7-x64-mingw32)
    jwt (2.2.3)
    minitest (5.14.4)
    rack (2.2.6.4)
    rack-protection (2.1.0)
      rack
    rack-test (1.1.0)
      rack (>= 1.0, < 3)
    roda (3.45.0)
      rack
    sequel (5.46.0)
    sqlite3 (1.4.2)
    thin (1.8.1)
      daemons (~> 1.0, >= 1.0.9)
      eventmachine (~> 1.0, >= 1.0.4)
      rack (>= 1, < 3)

PLATFORMS
  x64-mingw32
  x86_64-darwin-19
  x86_64-linux

DEPENDENCIES
  bcrypt (~> 3.1, >= 3.1.12)
  jwt (~> 2.1)
  minitest (~> 5.14, >= 5.14.4)
  rack-protection (~> 2.0, >= 2.0.5)
  rack-test (~> 1.1)
  roda (~> 3.19)
  sequel (~> 5.20)
  sqlite3 (~> 1.4, >= 1.4.1)
  thin (~> 1.7, >= 1.7.2)

BUNDLED WITH
   2.2.1
